GIT
  remote: https://github.com/rails/rails-dom-testing
  revision: 917a447d4c34bf74fbbddf6727c2f5c9d1583870
  ref: 917a447
  specs:
    rails-dom-testing (2.0.3)
      activesupport (>= 5.0.0)
      nokogiri (>= 1.6)

GEM
  remote: https://rubygems.org/
  specs:
    Ascii85 (1.1.0)
    actioncable (6.1.7.1)
      actionpack (= 6.1.7.1)
      activesupport (= 6.1.7.1)
      nio4r (~> 2.0)
      websocket-driver (>= 0.6.1)
    actionmailbox (6.1.7.1)
      actionpack (= 6.1.7.1)
      activejob (= 6.1.7.1)
      activerecord (= 6.1.7.1)
      activestorage (= 6.1.7.1)
      activesupport (= 6.1.7.1)
      mail (>= 2.7.1)
    actionmailer (6.1.7.1)
      actionpack (= 6.1.7.1)
      actionview (= 6.1.7.1)
      activejob (= 6.1.7.1)
      activesupport (= 6.1.7.1)
      mail (~> 2.5, >= 2.5.4)
      rails-dom-testing (~> 2.0)
    actionpack (6.1.7.1)
      actionview (= 6.1.7.1)
      activesupport (= 6.1.7.1)
      rack (~> 2.0, >= 2.0.9)
      rack-test (>= 0.6.3)
      rails-dom-testing (~> 2.0)
      rails-html-sanitizer (~> 1.0, >= 1.2.0)
    actionpack-page_caching (1.2.3)
      actionpack (>= 5.0.0)
    actiontext (6.1.7.1)
      actionpack (= 6.1.7.1)
      activerecord (= 6.1.7.1)
      activestorage (= 6.1.7.1)
      activesupport (= 6.1.7.1)
      nokogiri (>= 1.8.5)
    actionview (6.1.7.1)
      activesupport (= 6.1.7.1)
      builder (~> 3.1)
      erubi (~> 1.4)
      rails-dom-testing (~> 2.0)
      rails-html-sanitizer (~> 1.1, >= 1.2.0)
    activejob (6.1.7.1)
      activesupport (= 6.1.7.1)
      globalid (>= 0.3.6)
    activemodel (6.1.7.1)
      activesupport (= 6.1.7.1)
    activemodel-caution (6.1.7.1.0)
      actionpack (= 6.1.7.1)
      activemodel (= 6.1.7.1)
      activerecord (= 6.1.7.1)
      activesupport (= 6.1.7.1)
      railties (= 6.1.7.1)
    activemodel-serializers-xml (1.0.2)
      activemodel (> 5.x)
      activesupport (> 5.x)
      builder (~> 3.1)
    activerecord (6.1.7.1)
      activemodel (= 6.1.7.1)
      activesupport (= 6.1.7.1)
    activerecord-import (1.0.5)
      activerecord (>= 3.2)
    activerecord-import-oracle_enhanced (0.1.5)
      activerecord-import (>= 0.18)
    activerecord-oracle_enhanced-adapter (6.1.6)
      activerecord (~> 6.1.0)
      ruby-plsql (>= 0.6.0)
    activeresource (6.0.0)
      activemodel (>= 6.0)
      activemodel-serializers-xml (~> 1.0)
      activesupport (>= 6.0)
    activestorage (6.1.7.1)
      actionpack (= 6.1.7.1)
      activejob (= 6.1.7.1)
      activerecord (= 6.1.7.1)
      activesupport (= 6.1.7.1)
      marcel (~> 1.0)
      mini_mime (>= 1.1.0)
    activesupport (6.1.7.1)
      concurrent-ruby (~> 1.0, >= 1.0.2)
      i18n (>= 1.6, < 2)
      minitest (>= 5.1)
      tzinfo (~> 2.0)
      zeitwerk (~> 2.3)
    addressable (2.8.0)
      public_suffix (>= 2.0.2, < 5.0)
    afm (0.2.2)
    ast (2.4.2)
    autoprefixer-rails (9.8.4)
      execjs
    awesome_print (1.8.0)
    axlsx (1.3.6)
      htmlentities (~> 4.3.1)
      nokogiri (>= 1.4.1)
      rubyzip (>= 0.9.5)
    bcrypt (3.1.13)
    bigdecimal (3.1.2)
    bindex (0.8.1)
    bootsnap (1.4.6)
      msgpack (~> 1.0)
    bootstrap-sass (3.4.1)
      autoprefixer-rails (>= 5.2.1)
      sassc (>= 2.0.0)
    bootstrap-table-rails (1.20.2)
    brakeman (5.0.0)
    builder (3.2.4)
    bundler-audit (0.7.0.1)
      bundler (>= 1.2.0, < 3)
      thor (>= 0.18, < 2)
    byebug (11.1.3)
    cancancan (3.4.0)
    canql (5.9.0)
      chronic (~> 0.3)
      ndr_support (>= 3.0, < 6)
      rails (>= 6.0, < 7.1)
      treetop (>= 1.4.10)
    capistrano (2.15.9)
      highline
      net-scp (>= 1.0.0)
      net-sftp (>= 2.0.0)
      net-ssh (>= 2.0.14)
      net-ssh-gateway (>= 1.1.0)
    capybara (3.36.0)
      addressable
      matrix
      mini_mime (>= 0.1.3)
      nokogiri (~> 1.8)
      rack (>= 1.6.0)
      rack-test (>= 0.6.3)
      regexp_parser (>= 1.5, < 3.0)
      xpath (~> 3.2)
    capybara-email (3.0.2)
      capybara (>= 2.4, < 4.0)
      mail
    capybara-screenshot (1.0.24)
      capybara (>= 1.0, < 4)
      launchy
    charlock_holmes (0.7.7)
    childprocess (3.0.0)
    chronic (0.10.2)
    cocoon (1.2.15)
    coderay (1.1.3)
    coffee-rails (5.0.0)
      coffee-script (>= 2.2.0)
      railties (>= 5.2.0)
    coffee-script (2.4.1)
      coffee-script-source
      execjs
    coffee-script-source (1.12.2)
    concurrent-ruby (1.2.0)
    crack (0.4.3)
      safe_yaml (~> 1.0.0)
    crass (1.0.6)
    daemons (1.1.9)
    date (3.1.3)
    delayed_job (4.1.11)
      activesupport (>= 3.0, < 8.0)
    delayed_job_active_record (4.1.7)
      activerecord (>= 3.0, < 8.0)
      delayed_job (>= 3.0, < 5)
    devise (4.8.1)
      bcrypt (~> 3.0)
      orm_adapter (~> 0.1)
      railties (>= 4.1.0)
      responders
      warden (~> 1.2.3)
    devise_saml_authenticatable (1.9.0)
      devise (> 2.0.0)
      ruby-saml (~> 1.7)
    diff-lcs (1.4.4)
    docile (1.4.0)
    docx (0.6.2)
      nokogiri (~> 1.10, >= 1.10.4)
      rubyzip (~> 2.0)
    dogstatsd-ruby (4.5.0)
    em-websocket (0.5.3)
      eventmachine (>= 0.12.9)
      http_parser.rb (~> 0)
    erubi (1.12.0)
    escape_utils (1.2.1)
    eventmachine (1.2.7)
    execjs (2.7.0)
    extpp (0.0.9)
    faker (2.20.0)
      i18n (>= 1.8.11, < 2)
    ffi (1.14.2)
    fiddle (1.1.0)
    formatador (0.2.5)
    gio2 (4.0.3)
      fiddle
      gobject-introspection (= 4.0.3)
    github-linguist (7.12.2)
      charlock_holmes (~> 0.7.7)
      escape_utils (~> 1.2.0)
      mini_mime (~> 1.0)
      rugged (>= 0.25.1)
    glib2 (4.0.3)
      native-package-installer (>= 1.0.3)
      pkg-config (>= 1.3.5)
    globalid (1.0.1)
      activesupport (>= 5.0)
    gobject-introspection (4.0.3)
      glib2 (= 4.0.3)
    god (0.13.7)
    guard (2.16.2)
      formatador (>= 0.2.4)
      listen (>= 2.7, < 4.0)
      lumberjack (>= 1.0.12, < 2.0)
      nenv (~> 0.1)
      notiffany (~> 0.0)
      pry (>= 0.9.12)
      shellany (~> 0.0)
      thor (>= 0.18.1)
    guard-compat (1.2.1)
    guard-livereload (2.5.2)
      em-websocket (~> 0.5)
      guard (~> 2.8)
      guard-compat (~> 1.0)
      multi_json (~> 1.8)
    guard-rubocop (1.4.0)
      guard (~> 2.0)
      rubocop (< 2.0)
    guard-shell (0.7.1)
      guard (>= 2.0.0)
      guard-compat (~> 1.0)
    guard-test (2.0.8)
      guard-compat (~> 1.2)
      test-unit (~> 3.0)
    hashdiff (1.0.1)
    hashery (2.1.2)
    highline (1.6.21)
    hobble (0.1.0)
    htmlentities (4.3.4)
    http_parser.rb (0.8.0)
    httpi (2.4.4)
      rack
      socksify
    i18n (1.12.0)
      concurrent-ruby (~> 1.0)
    jquery-rails (4.4.0)
      rails-dom-testing (>= 1, < 3)
      railties (>= 4.2.0)
      thor (>= 0.14, < 2.0)
    jquery-ui-rails (6.0.1)
      railties (>= 3.2.16)
    jwt (2.2.1)
    launchy (2.5.0)
      addressable (~> 2.7)
    libv8-node (16.10.0.0)
    libv8-node (16.10.0.0-x86_64-darwin)
    libv8-node (16.10.0.0-x86_64-linux)
    listen (3.4.1)
      rb-fsevent (~> 0.10, >= 0.10.3)
      rb-inotify (~> 0.9, >= 0.9.10)
    loofah (2.19.1)
      crass (~> 1.0.2)
      nokogiri (>= 1.5.9)
    lumberjack (1.2.6)
    mail (2.7.1)
      mini_mime (>= 0.1.1)
    marcel (1.0.2)
    matrix (0.4.2)
    method_source (1.0.0)
    mime-types (1.25.1)
    mini_mime (1.1.2)
    mini_portile2 (2.8.1)
    mini_racer (0.6.2)
      libv8-node (~> 16.10.0.0)
    mini_racer (0.6.2-x86_64-linux)
      libv8-node (~> 16.10.0.0)
    minitest (5.17.0)
    minitest-fail-fast (0.1.0)
      minitest (~> 5)
    minitest-rg (5.2.0)
      minitest (~> 5.0)
    mocha (1.14.0)
    msgpack (1.3.3)
    msworddoc-extractor (0.2.0)
      ruby-ole
    multi_json (1.15.0)
    native-package-installer (1.1.1)
    ndr_authenticate (0.3.3)
      devise
      devise_saml_authenticatable (~> 1.9)
      ndr_ui (>= 2.3)
      net-ldap
      rails (>= 6.0, < 7.1)
      yubikey
    ndr_browser_timings (0.4.2)
      rails (>= 6.0, < 7.1)
    ndr_dev_support (7.0.0)
      activesupport (>= 6.0, < 7.1)
      brakeman (>= 4.7.1)
      bundler-audit
      capistrano (~> 2.15)
      capybara (>= 3.34)
      capybara-screenshot
      github-linguist
      highline (>= 1.6.0)
      minitest (~> 5.11)
      net-scp (>= 2.0.0)
      parser
      prometheus-client (~> 4.0.0)
      pry
      rainbow
      rubocop (~> 1.7)
      rubocop-rails (~> 2.9)
      rubocop-rake (~> 0.5)
      rugged
      selenium-webdriver
      show_me_the_cookies
      simplecov
      unicode-display_width (>= 1.3.3)
      webdrivers (>= 3.9)
      with_clean_rbenv
    ndr_error (2.3.1)
      ndr_ui
      net-imap
      net-pop
      net-smtp
      rails (>= 6.0, < 7.1)
      will_paginate
    ndr_import (10.1.3)
      activemodel
      activesupport (>= 6.0, < 7.1)
      docx (~> 0.3)
      msworddoc-extractor (= 0.2.0)
      ndr_support (>= 5.3.2, < 6)
      nokogiri (~> 1.8, >= 1.8.5)
      ooxml_decrypt
      pdf-reader (~> 2.1)
      roo (~> 2.0)
      roo-xls
      rubyzip (~> 2.0)
      seven_zip_ruby (~> 1.3)
      spreadsheet (= 1.2.6)
    ndr_lookup (0.1.2)
      activeresource (>= 6.0, < 7.1)
      activesupport (>= 6.0, < 7.1)
      httpi (~> 2.4)
      rubyntlm (~> 0.6)
    ndr_pseudonymise (0.4.2)
      activesupport
    ndr_stats (0.2.1)
      dogstatsd-ruby (~> 4.5)
    ndr_support (5.9.3)
      activerecord (>= 6.0.0, < 7.1)
      activesupport (>= 6.0.0, < 7.1)
    ndr_ui (3.3.1)
      bootstrap-sass (~> 3.4.1)
      jquery-rails (>= 4.1.0)
      rails (>= 6.0, < 7.1)
      sprockets (>= 4.0)
      sprockets-rails (>= 3.0.0)
    ndr_workflow (1.2.3)
      ndr_support (~> 5.0)
      net-imap
      net-pop
      net-smtp
      rails (>= 6.0, < 7.1)
    nenv (0.3.0)
    net-imap (0.3.4)
      date
      net-protocol
    net-ldap (0.16.2)
    net-pop (0.1.2)
      net-protocol
    net-protocol (0.2.1)
      timeout
    net-scp (3.0.0)
      net-ssh (>= 2.6.5, < 7.0.0)
    net-sftp (3.0.0)
      net-ssh (>= 5.0.0, < 7.0.0)
    net-smtp (0.3.3)
      net-protocol
    net-ssh (6.1.0)
    net-ssh-gateway (2.0.0)
      net-ssh (>= 4.0.0)
    nio4r (2.5.8)
    nokogiri (1.14.0)
      mini_portile2 (~> 2.8.0)
      racc (~> 1.4)
    nokogiri (1.14.0-x86_64-darwin)
      racc (~> 1.4)
    nokogiri (1.14.0-x86_64-linux)
      racc (~> 1.4)
    notiffany (0.1.3)
      nenv (~> 0.1)
      shellany (~> 0.0)
    notifications-ruby-client (5.3.0)
      jwt (>= 1.5, < 3)
    ooxml_decrypt (1.0.0)
      nokogiri (~> 1.10)
      ruby-ole (~> 1.2)
    orm_adapter (0.5.0)
    paper_trail (12.3.0)
      activerecord (>= 5.2)
      request_store (~> 1.1)
    paper_trail-association_tracking (2.2.1)
      paper_trail (>= 12.0)
    parallel (1.20.1)
    parser (3.1.2.0)
      ast (~> 2.4.1)
    pdf-reader (2.5.0)
      Ascii85 (~> 1.0)
      afm (~> 0.2.1)
      hashery (~> 2.0)
      ruby-rc4
      ttfunk
    pg (1.2.3)
    pgcli-rails (0.6.3)
      railties (>= 4.2.0)
    pkg-config (1.4.5)
    polyglot (0.3.5)
    possibly (1.0.1)
    power_assert (1.2.0)
    prometheus-client (4.0.0)
    pry (0.13.1)
      coderay (~> 1.1)
      method_source (~> 1.0)
    pry-byebug (3.9.0)
      byebug (~> 11.0)
      pry (~> 0.13.0)
    pry-rails (0.3.9)
      pry (>= 0.10.4)
    psych (3.3.2)
    public_suffix (4.0.6)
    puma (5.6.4)
      nio4r (~> 2.0)
    puma-daemon (0.1.2)
      puma (>= 5.0)
      rack
    racc (1.6.2)
    rack (2.2.6.2)
    rack-cache (1.12.0)
      rack (>= 0.4)
    rack-mini-profiler (3.0.0)
      rack (>= 1.2.0)
    rack-proxy (0.7.0)
      rack
    rack-test (2.0.2)
      rack (>= 1.3)
    railroady (1.5.3)
    rails (6.1.7.1)
      actioncable (= 6.1.7.1)
      actionmailbox (= 6.1.7.1)
      actionmailer (= 6.1.7.1)
      actionpack (= 6.1.7.1)
      actiontext (= 6.1.7.1)
      actionview (= 6.1.7.1)
      activejob (= 6.1.7.1)
      activemodel (= 6.1.7.1)
      activerecord (= 6.1.7.1)
      activestorage (= 6.1.7.1)
      activesupport (= 6.1.7.1)
      bundler (>= 1.15.0)
      railties (= 6.1.7.1)
      sprockets-rails (>= 2.0.0)
    rails-controller-testing (1.0.5)
      actionpack (>= 5.0.1.rc1)
      actionview (>= 5.0.1.rc1)
      activesupport (>= 5.0.1.rc1)
    rails-html-sanitizer (1.5.0)
      loofah (~> 2.19, >= 2.19.1)
    railties (6.1.7.1)
      actionpack (= 6.1.7.1)
      activesupport (= 6.1.7.1)
      method_source
      rake (>= 12.2)
      thor (~> 1.0)
    rainbow (3.0.0)
    rake (13.0.6)
    rb-fsevent (0.10.4)
    rb-inotify (0.10.1)
      ffi (~> 1.0)
    red-arrow (10.0.1)
      bigdecimal (>= 3.1.0)
      extpp (>= 0.0.7)
      gio2 (>= 3.5.0)
      native-package-installer
      pkg-config
    red-arrow (10.0.1-x86_64-linux)
      bigdecimal (>= 3.1.0)
      extpp (>= 0.0.7)
      gio2 (>= 3.5.0)
      native-package-installer
      pkg-config
    red-parquet (10.0.1)
      red-arrow (= 10.0.1)
    red-parquet (10.0.1-x86_64-linux)
      red-arrow (= 10.0.1)
    regexp-examples (1.5.1)
    regexp_parser (2.3.1)
    request_store (1.5.1)
      rack (>= 1.4)
    responders (3.0.1)
      actionpack (>= 5.0)
      railties (>= 5.0)
    rexml (3.2.5)
    roo (2.8.3)
      nokogiri (~> 1)
      rubyzip (>= 1.3.0, < 3.0.0)
    roo-xls (1.2.0)
      nokogiri
      roo (>= 2.0.0, < 3)
      spreadsheet (> 0.9.0)
    route_translator (12.1.0)
      actionpack (>= 5.2, < 7.1)
      activesupport (>= 5.2, < 7.1)
      addressable (~> 2.7)
    rubocop (1.8.1)
      parallel (~> 1.10)
      parser (>= 3.0.0.0)
      rainbow (>= 2.2.2, < 4.0)
      regexp_parser (>= 1.8, < 3.0)
      rexml
      rubocop-ast (>= 1.2.0, < 2.0)
      ruby-progressbar (~> 1.7)
      unicode-display_width (>= 1.4.0, < 3.0)
    rubocop-ast (1.4.1)
      parser (>= 2.7.1.5)
    rubocop-rails (2.9.1)
      activesupport (>= 4.2.0)
      rack (>= 1.1)
      rubocop (>= 0.90.0, < 2.0)
    rubocop-rake (0.5.1)
      rubocop
    ruby-oci8 (2.2.11)
    ruby-ole (1.2.12.2)
    ruby-plsql (0.7.1)
    ruby-prof (1.4.1)
    ruby-progressbar (1.11.0)
    ruby-rc4 (0.1.5)
    ruby-saml (1.11.0)
      nokogiri (>= 1.5.10)
    rubyntlm (0.6.2)
    rubyzip (2.3.0)
    rugged (1.4.3)
    safe_yaml (1.0.5)
    sass-rails (6.0.0)
      sassc-rails (~> 2.1, >= 2.1.1)
    sassc (2.4.0)
      ffi (~> 1.9)
    sassc-rails (2.1.2)
      railties (>= 4.0.0)
      sassc (>= 2.0)
      sprockets (> 3.0)
      sprockets-rails
      tilt
    selenium-webdriver (3.142.7)
      childprocess (>= 0.5, < 4.0)
      rubyzip (>= 1.2.2)
    semantic_range (3.0.0)
    seven_zip_ruby (1.3.0)
    shellany (0.0.1)
    show_me_the_cookies (5.0.1)
      capybara (>= 2, < 4)
    simplecov (0.21.2)
      docile (~> 1.1)
      simplecov-html (~> 0.11)
      simplecov_json_formatter (~> 0.1)
    simplecov-html (0.12.3)
    simplecov_json_formatter (0.1.3)
    socksify (1.7.1)
    spreadsheet (1.2.6)
      ruby-ole (>= 1.0)
    spring (4.1.0)
    spring-watcher-listen (2.1.0)
      listen (>= 2.7, < 4.0)
      spring (>= 4)
    sprockets (4.2.0)
      concurrent-ruby (~> 1.0)
      rack (>= 2.2.4, < 4)
    sprockets-rails (3.4.2)
      actionpack (>= 5.2)
      activesupport (>= 5.2)
      sprockets (>= 3.0.0)
    terminal-notifier-guard (1.7.0)
    test-unit (3.3.6)
      power_assert
    thor (1.2.1)
    tilt (2.0.10)
    timeout (0.3.1)
    tnql (1.1.1)
      activesupport (>= 3.2.18, < 7.1)
      chronic (~> 0.3)
      ndr_support (>= 3.0, < 6)
      treetop (>= 1.4.10)
    treetop (1.6.10)
      polyglot (~> 0.3)
    ttfunk (1.7.0)
    turbolinks (5.2.1)
      turbolinks-source (~> 5.2)
    turbolinks-source (5.2.0)
    tzinfo (2.0.5)
      concurrent-ruby (~> 1.0)
    unicode-display_width (2.0.0)
    unicode_utils (1.4.0)
    uuidtools (2.1.5)
    warden (1.2.8)
      rack (>= 2.0.6)
    web-console (4.2.0)
      actionview (>= 6.0.0)
      activemodel (>= 6.0.0)
      bindex (>= 0.4.0)
      railties (>= 6.0.0)
    webdrivers (4.5.0)
      nokogiri (~> 1.6)
      rubyzip (>= 1.3.0)
      selenium-webdriver (>= 3.0, < 4.0)
    webmock (3.8.3)
      addressable (>= 2.3.6)
      crack (>= 0.3.2)
      hashdiff (>= 0.4.0, < 2.0.0)
    webpacker (5.4.3)
      activesupport (>= 5.2)
      rack-proxy (>= 0.6.1)
      railties (>= 5.2)
      semantic_range (>= 2.3.0)
    websocket-driver (0.7.5)
      websocket-extensions (>= 0.1.0)
    websocket-extensions (0.1.5)
    will_paginate (3.3.1)
    with_clean_rbenv (0.1.0)
    xpath (3.2.0)
      nokogiri (~> 1.8)
    yubikey (1.4.1)
    zeitwerk (2.6.6)
    zip-zip (0.3)
      rubyzip (>= 1.0.0)

PLATFORMS
  ruby
  x86_64-darwin-20
  x86_64-darwin-21
  x86_64-linux

DEPENDENCIES
  actionpack-page_caching
  activemodel-caution (= 6.1.7.1)
  activerecord-import
  activerecord-import-oracle_enhanced
  activerecord-oracle_enhanced-adapter (>= 5.2.3)
  awesome_print
  axlsx
  bootsnap
  bootstrap-table-rails
  cancancan (~> 3.0)
  canql (~> 5.9, >= 5.9.0)
  capistrano (>= 2.5.0, < 3.0)
  capybara (~> 3.0)
  capybara-email
  capybara-screenshot
  cocoon
  coderay
  coffee-rails
  daemons (~> 1.1.9)
  delayed_job (~> 4.1)
  delayed_job_active_record
  diff-lcs
  faker (~> 2.20.0)
  god (~> 0.13.0)
  guard
  guard-livereload (~> 2.5)
  guard-rubocop
  guard-shell
  guard-test
  highline (~> 1.6.0)
  hobble (~> 0.1.0)
  httpi (= 2.4.4)
  jquery-ui-rails
  launchy
  libv8-node (~> 16.10)
  loofah (>= 2.3.1)
  mail (>= 2.1.1, < 2.8.0)
  mime-types (< 2.0)
  mini_racer (= 0.6.2)
  minitest-fail-fast
  minitest-rg
  mocha (~> 1.4)
  ndr_authenticate (~> 0.3)
  ndr_browser_timings (~> 0.4.1)
  ndr_dev_support (~> 7.0)
  ndr_error (~> 2.3)
  ndr_import (~> 10.1, >= 10.1.2)
  ndr_lookup (~> 0.1, >= 0.1.2)
  ndr_pseudonymise (~> 0.4.2)
  ndr_stats (= 0.2.1)
  ndr_support (~> 5.9.0)
  ndr_ui (~> 3.3)
  ndr_workflow (~> 1.2, >= 1.2.2)
  net-ldap
  net-scp
  nokogiri
  notifications-ruby-client
  paper_trail (~> 12.0)
  paper_trail-association_tracking
  pg
  pgcli-rails
  possibly
  pry-byebug
  pry-rails
  psych (= 3.3.2)
  puma
  puma-daemon
  rack-cache
  rack-mini-profiler
  railroady
  rails (= 6.1.7.1)
  rails-controller-testing
  rails-dom-testing!
  rails-html-sanitizer (>= 1.0.4)
  rainbow
  red-parquet
  regexp-examples
  rexml (>= 3.2.5)
  route_translator (>= 12.1.0)
  ruby-oci8
  ruby-prof
  rubyntlm
  sass-rails
  simplecov (>= 0.21.2)
  spring
  spring-watcher-listen
  terminal-notifier-guard
  tnql (~> 1.1)
  turbolinks (~> 5.x)
  unicode_utils
  uuidtools
  web-console
  webmock
  webpacker
  will_paginate (~> 3.3)
  yubikey (~> 1.4.1)
  zip-zip

BUNDLED WITH
   2.2.33
